GEM
  remote: https://rubygems.org/
  specs:
    contentful-management (0.2.1)
      http (~> 0.6)
      multi_json (~> 1)
    http (0.6.2)
      http_parser.rb (~> 0.6.0)
    http_parser.rb (0.6.0)
    multi_json (1.10.1)
    sequel (4.15.0)

PLATFORMS
  ruby

DEPENDENCIES
  contentful-management
  sequel
